GEM
  remote: http://rubygems.org/
  specs:
    cuba (3.1.0)
      rack
    rack (1.4.1)
    tilt (1.3.3)

PLATFORMS
  ruby

DEPENDENCIES
  cuba
  tilt
